PATH
  remote: .
  specs:
    mech_warrior (0.0.1)
      celluloid (~> 0)
      mechanize (~> 2.7)
      xml-sitemap (~> 1.3)

GEM
  remote: https://rubygems.org/
  specs:
    builder (3.2.2)
    celluloid (0.15.2)
      timers (~> 1.1.0)
    diff-lcs (1.2.5)
    domain_name (0.5.18)
      unf (>= 0.0.5, < 1.0.0)
    fakeweb (1.3.0)
    http-cookie (1.0.2)
      domain_name (~> 0.5)
    mechanize (2.7.3)
      domain_name (~> 0.5, >= 0.5.1)
      http-cookie (~> 1.0)
      mime-types (~> 2.0)
      net-http-digest_auth (~> 1.1, >= 1.1.1)
      net-http-persistent (~> 2.5, >= 2.5.2)
      nokogiri (~> 1.4)
      ntlm-http (~> 0.1, >= 0.1.1)
      webrobots (>= 0.0.9, < 0.2)
    mime-types (2.2)
    mini_portile (0.5.3)
    net-http-digest_auth (1.4)
    net-http-persistent (2.9.4)
    nokogiri (1.6.1)
      mini_portile (~> 0.5.0)
    ntlm-http (0.1.1)
    rake (0.9.6)
    rspec (2.14.1)
      rspec-core (~> 2.14.0)
      rspec-expectations (~> 2.14.0)
      rspec-mocks (~> 2.14.0)
    rspec-core (2.14.8)
    rspec-expectations (2.14.5)
      diff-lcs (>= 1.1.3, < 2.0)
    rspec-mocks (2.14.6)
    timers (1.1.0)
    unf (0.1.4)
      unf_ext
    unf_ext (0.0.6)
    webrobots (0.1.1)
    xml-sitemap (1.3.3)
      builder (>= 2.0)

PLATFORMS
  ruby

DEPENDENCIES
  fakeweb (~> 1.3)
  mech_warrior!
  rake (~> 0)
  rspec (~> 2.14)
